PATH
  remote: .
  specs:
    jekyll_icon_tag (0.1.0)

GEM
  remote: https://rubygems.org/
  specs:
    liquid (4.0.3)
    rake (12.3.3)

PLATFORMS
  x64-mingw32

DEPENDENCIES
  liquid (~> 4.0)
  rake (~> 12.0)
  jekyll_icon_tag!

BUNDLED WITH
   2.1.4
